GEM
  remote: http://rubygems.org/
  remote: http://gems.github.com/
  specs:
    actionmailer (2.3.14)
      actionpack (= 2.3.14)
    actionpack (2.3.14)
      activesupport (= 2.3.14)
      rack (~> 1.1.0)
    activerecord (2.3.14)
      activesupport (= 2.3.14)
    activeresource (2.3.14)
      activesupport (= 2.3.14)
    activesupport (2.3.14)
    addressable (2.3.2)
    airbrake (3.1.4)
      builder
      girl_friday
    ambethia-smtp-tls (1.1.2)
    aws-s3 (0.6.2)
      builder
      mime-types
      xml-simple
    bootstrap-sass (2.1.0.0)
    builder (3.1.4)
    capybara (1.1.2)
      mime-types (>= 1.16)
      nokogiri (>= 1.3.3)
      rack (>= 1.0.0)
      rack-test (>= 0.5.4)
      selenium-webdriver (~> 2.0)
      xpath (~> 0.1.4)
    childprocess (0.3.5)
      ffi (~> 1.0, >= 1.0.6)
    chunky_png (1.2.6)
    compass (0.12.2)
      chunky_png (~> 1.2)
      fssm (>= 0.2.7)
      sass (~> 3.1)
    compass-rails (1.0.3)
      compass (>= 0.12.2, < 0.14)
    connection_pool (0.9.2)
    crack (0.1.4)
    cucumber (1.1.0)
      builder (>= 2.1.2)
      diff-lcs (>= 1.1.2)
      gherkin (~> 2.5.0)
      json (>= 1.4.6)
      term-ansicolor (>= 1.0.6)
    cucumber-rails2 (0.3.5)
      capybara (~> 1.1.0)
      cucumber (~> 1.1.0)
    daemons (1.1.8)
    database_cleaner (0.5.0)
    delayed_job (2.0.6)
      daemons
    diff-lcs (1.1.3)
    email_spec (0.4.0)
    eventmachine (1.0.0)
    factory_girl (1.2.4)
    fakeweb (1.2.8)
    fastercsv (1.5.1)
    faye-websocket (0.4.6)
      eventmachine (>= 0.12.0)
    ffi (1.1.5)
    formtastic (0.2.5)
    friendly_id (2.2.5)
      activerecord (>= 2.2.3)
      activesupport (>= 2.2.3)
    fssm (0.2.9)
    geoip_city (0.2.0)
    geokit (1.5.0)
    gherkin (2.5.4)
      json (>= 1.4.6)
    girl_friday (0.10.0)
      connection_pool (~> 0.9.0)
    haml (3.1.7)
    has_scope (0.4.2)
    http_parser.rb (0.5.3)
    i18n (0.3.7)
    inherited_resources (1.0.4)
      has_scope (~> 0.4.2)
      responders (~> 0.4.3)
    jferris-mocha (0.9.5.0.1241126838)
      rake
    json (1.7.5)
    libwebsocket (0.1.5)
      addressable
    libxml-ruby (2.2.2)
    mime-types (1.16)
    multi_json (1.0.4)
    mysql2 (0.2.18)
    newrelic_rpm (3.3.0)
    nokogiri (1.5.5)
    paperclip (2.3.1.1)
    pickle (0.4.7)
      cucumber (>= 0.8)
      rake
    poltergeist (1.0.1)
      capybara (~> 1.1)
      childprocess (~> 0.3)
      faye-websocket (~> 0.4, >= 0.4.4)
      http_parser.rb (~> 0.5.3)
      multi_json (~> 1.0)
    rack (1.1.3)
    rack-test (0.6.2)
      rack (>= 1.0)
    rails (2.3.14)
      actionmailer (= 2.3.14)
      actionpack (= 2.3.14)
      activerecord (= 2.3.14)
      activeresource (= 2.3.14)
      activesupport (= 2.3.14)
      rake (>= 0.8.3)
    rake (0.9.2.2)
    redis (2.2.2)
    redis-store (1.0.0.1)
      redis (~> 2.2.1)
    responders (0.4.8)
    rspec (1.3.2)
    rspec-rails (1.3.4)
      rack (>= 1.0.0)
      rspec (~> 1.3.1)
    rubyzip (0.9.9)
    sass (3.2.1)
    sax-machine (0.0.14)
      nokogiri (> 0.0.0)
    selenium-webdriver (2.25.0)
      childprocess (>= 0.2.5)
      libwebsocket (~> 0.1.3)
      multi_json (~> 1.0)
      rubyzip
    sendgrid (0.1.4)
    shoulda (2.10.3)
    sqlite3 (1.3.5)
    system_timer (1.2.4)
    term-ansicolor (1.0.7)
    thoughtbot-clearance (0.8.2)
    timecop (0.3.5)
    will_paginate (2.3.14)
    xml-simple (1.0.12)
    xpath (0.1.4)
      nokogiri (~> 1.3)
    yfactorial-utility_scopes (0.2.2)
      activerecord (>= 2.1.0)

PLATFORMS
  ruby

DEPENDENCIES
  airbrake
  ambethia-smtp-tls (= 1.1.2)
  aws-s3 (= 0.6.2)
  bootstrap-sass (~> 2.1.0.0)
  capybara (~> 1.1.2)
  compass-rails (~> 1.0.3)
  crack (= 0.1.4)
  cucumber (= 1.1.0)
  cucumber-rails2 (~> 0.3.2)
  database_cleaner (= 0.5.0)
  delayed_job (= 2.0.6)
  email_spec (= 0.4.0)
  factory_girl (~> 1.2.1)
  fakeweb (~> 1.2.5)
  fastercsv (= 1.5.1)
  formtastic (~> 0.2.2)
  friendly_id (= 2.2.5)
  geoip_city (= 0.2.0)
  geokit (= 1.5.0)
  haml (~> 3.1.7)
  has_scope (= 0.4.2)
  i18n (= 0.3.7)
  inherited_resources (= 1.0.4)
  jferris-mocha (= 0.9.5.0.1241126838)
  libxml-ruby (= 2.2.2)
  mime-types (= 1.16)
  multi_json (= 1.0.4)
  mysql2 (= 0.2.18)
  newrelic_rpm (= 3.3.0)
  paperclip (= 2.3.1.1)
  pickle (~> 0.4.7)
  poltergeist (~> 1.0.1)
  rails (= 2.3.14)
  redis (~> 2.2.1)
  redis-store (= 1.0.0.1)
  responders (= 0.4.8)
  rspec (= 1.3.2)
  rspec-rails (= 1.3.4)
  sax-machine (= 0.0.14)
  sendgrid (= 0.1.4)
  shoulda (~> 2.10.1)
  sqlite3 (>= 1.3.3)
  system_timer (~> 1.2.4)
  thoughtbot-clearance (= 0.8.2)
  timecop (= 0.3.5)
  will_paginate (= 2.3.14)
  xml-simple (= 1.0.12)
  yfactorial-utility_scopes (= 0.2.2)
